PATH
  remote: .
  specs:
    socket.io-client-simple (1.2.1)
      event_emitter
      httparty
      json (~> 2.0)
      websocket-client-simple (~> 0.9.0)

GEM
  remote: https://rubygems.org/
  specs:
    base64 (0.2.0)
    bigdecimal (3.1.9)
    csv (3.3.2)
    event_emitter (0.2.6)
    httparty (0.22.0)
      csv
      mini_mime (>= 1.0.0)
      multi_xml (>= 0.5.2)
    json (2.10.1)
    mini_mime (1.1.5)
    minitest (5.25.4)
    multi_xml (0.7.1)
      bigdecimal (~> 3.1)
    mutex_m (0.3.0)
    rake (13.2.1)
    websocket (1.2.11)
    websocket-client-simple (0.9.0)
      base64
      event_emitter
      mutex_m
      websocket

PLATFORMS
  ruby

DEPENDENCIES
  bundler (~> 2.0)
  minitest
  rake
  socket.io-client-simple!

BUNDLED WITH
   2.6.5
